GEM
  specs:
    minitest (3.3.0)

PLATFORMS
  ruby

DEPENDENCIES
  minitest
